PATH
  remote: .
  specs:
    blizzard_api (4.1.0)
      redis (~> 4.1, >= 4.1.0)

GEM
  remote: https://rubygems.org/
  specs:
    ast (2.4.2)
    dotenv (3.1.2)
    minitest (5.24.1)
    parallel (1.25.1)
    parser (3.3.4.0)
      ast (~> 2.4.1)
      racc
    racc (1.8.0)
    rainbow (3.1.1)
    rake (13.2.1)
    redis (4.8.1)
    regexp_parser (2.9.2)
    rexml (3.3.2)
      strscan
    rubocop (0.93.1)
      parallel (~> 1.10)
      parser (>= 2.7.1.5)
      rainbow (>= 2.2.2, < 4.0)
      regexp_parser (>= 1.8)
      rexml
      rubocop-ast (>= 0.6.0)
      ruby-progressbar (~> 1.7)
      unicode-display_width (>= 1.4.0, < 2.0)
    rubocop-ast (1.31.3)
      parser (>= 3.3.1.0)
    rubocop-minitest (0.27.0)
      rubocop (>= 0.90, < 2.0)
    ruby-progressbar (1.13.0)
    strscan (3.1.0)
    unicode-display_width (1.8.0)
    yard (0.9.36)

PLATFORMS
  ruby

DEPENDENCIES
  blizzard_api!
  dotenv (~> 3.1)
  minitest (~> 5.22)
  rake (~> 13.2)
  rubocop (~> 0.93.1)
  rubocop-minitest (~> 0.27.0)
  yard (~> 0.9.36)

BUNDLED WITH
   2.4.22
